PATH
  remote: .
  specs:
    simple_auth (2.0.0)

GEM
  remote: http://rubygems.org/
  specs:
    actionmailer (4.1.0)
      actionpack (= 4.1.0)
      actionview (= 4.1.0)
      mail (~> 2.5.4)
    actionpack (4.1.0)
      actionview (= 4.1.0)
      activesupport (= 4.1.0)
      rack (~> 1.5.2)
      rack-test (~> 0.6.2)
    actionview (4.1.0)
      activesupport (= 4.1.0)
      builder (~> 3.1)
      erubis (~> 2.7.0)
    activemodel (4.1.0)
      activesupport (= 4.1.0)
      builder (~> 3.1)
    activerecord (4.1.0)
      activemodel (= 4.1.0)
      activesupport (= 4.1.0)
      arel (~> 5.0.0)
    activesupport (4.1.0)
      i18n (~> 0.6, >= 0.6.9)
      json (~> 1.7, >= 1.7.7)
      minitest (~> 5.1)
      thread_safe (~> 0.1)
      tzinfo (~> 1.1)
    arel (5.0.1.20140414130214)
    bcrypt-ruby (3.0.1)
    builder (3.2.2)
    diff-lcs (1.2.5)
    erubis (2.7.0)
    hike (1.2.3)
    i18n (0.6.9)
    json (1.8.1)
    mail (2.5.4)
      mime-types (~> 1.16)
      treetop (~> 1.4.8)
    mime-types (1.25.1)
    minitest (5.3.3)
    multi_json (1.9.2)
    polyglot (0.3.4)
    rack (1.5.2)
    rack-test (0.6.2)
      rack (>= 1.0)
    rails (4.1.0)
      actionmailer (= 4.1.0)
      actionpack (= 4.1.0)
      actionview (= 4.1.0)
      activemodel (= 4.1.0)
      activerecord (= 4.1.0)
      activesupport (= 4.1.0)
      bundler (>= 1.3.0, < 2.0)
      railties (= 4.1.0)
      sprockets-rails (~> 2.0)
    railties (4.1.0)
      actionpack (= 4.1.0)
      activesupport (= 4.1.0)
      rake (>= 0.8.7)
      thor (>= 0.18.1, < 2.0)
    rake (10.3.1)
    rspec-collection_matchers (0.0.3)
      rspec-expectations (>= 2.99.0.beta1)
    rspec-core (3.0.0.beta2)
      rspec-support (= 3.0.0.beta2)
    rspec-expectations (3.0.0.beta2)
      diff-lcs (>= 1.2.0, < 2.0)
      rspec-support (= 3.0.0.beta2)
    rspec-mocks (3.0.0.beta2)
      rspec-support (= 3.0.0.beta2)
    rspec-rails (3.0.0.beta2)
      actionpack (>= 3.0)
      activemodel (>= 3.0)
      activesupport (>= 3.0)
      railties (>= 3.0)
      rspec-collection_matchers
      rspec-core (= 3.0.0.beta2)
      rspec-expectations (= 3.0.0.beta2)
      rspec-mocks (= 3.0.0.beta2)
      rspec-support (= 3.0.0.beta2)
    rspec-support (3.0.0.beta2)
    sprockets (2.12.1)
      hike (~> 1.2)
      multi_json (~> 1.0)
      rack (~> 1.0)
      tilt (~> 1.1, != 1.3.0)
    sprockets-rails (2.1.3)
      actionpack (>= 3.0)
      activesupport (>= 3.0)
      sprockets (~> 2.8)
    sqlite3 (1.3.9)
    sqlite3-ruby (1.3.3)
      sqlite3 (>= 1.3.3)
    thor (0.19.1)
    thread_safe (0.3.3)
    tilt (1.4.1)
    treetop (1.4.15)
      polyglot
      polyglot (>= 0.3.1)
    tzinfo (1.1.0)
      thread_safe (~> 0.1)

PLATFORMS
  ruby

DEPENDENCIES
  bcrypt-ruby (~> 3.0.0)
  rails (>= 4.0.0)
  rspec-rails (= 3.0.0.beta2)
  simple_auth!
  sqlite3-ruby
